PATH
  remote: .
  specs:
    scheduler_daemon (1.1.4)
      activesupport
      chronic (>= 0.2.0)
      chronic (~> 0.10.0)
      daemons (>= 1.0.10)
      daemons (>= 1.0.10)
      eventmachine (>= 0.12.8)
      eventmachine (>= 0.12.8)
      rufus-scheduler (~> 2.0.24)
      rufus-scheduler (~> 2.0.24)
      scheduler_daemon

GEM
  remote: http://rubygems.org/
  specs:
    activesupport (3.2.15)
      i18n (~> 0.6, >= 0.6.4)
      multi_json (~> 1.0)
    atomic (1.1.14)
    chronic (0.10.2)
    daemons (1.1.9)
    diff-lcs (1.2.5)
    eventmachine (1.0.3)
    i18n (0.6.5)
    multi_json (1.8.2)
    rspec (2.13.0)
      rspec-core (~> 2.13.0)
      rspec-expectations (~> 2.13.0)
      rspec-mocks (~> 2.13.0)
    rspec-core (2.13.1)
    rspec-expectations (2.13.0)
      diff-lcs (>= 1.1.3, < 2.0)
    rspec-mocks (2.13.1)
    rufus-scheduler (2.0.24)
      tzinfo (>= 0.3.22)
    thread_safe (0.1.3)
      atomic
    tzinfo (1.1.0)
      thread_safe (~> 0.1)

PLATFORMS
  ruby

DEPENDENCIES
  activesupport
  chronic (>= 0.2.0)
  daemons (>= 1.0.10)
  eventmachine (>= 0.12.8)
  rspec (~> 2.13.0)
  rufus-scheduler (~> 2.0.24)
  scheduler_daemon!
